GEM
  remote: https://rubygems.org/
  specs:
    activesupport (6.1.1)
      concurrent-ruby (~> 1.0, >= 1.0.2)
      i18n (>= 1.6, < 2)
      minitest (>= 5.1)
      tzinfo (~> 2.0)
      zeitwerk (~> 2.3)
    appium_lib (11.1.0)
      appium_lib_core (~> 4.1)
      nokogiri (~> 1.8, >= 1.8.1)
      tomlrb (~> 1.1)
    appium_lib_core (4.2.1)
      faye-websocket (~> 0.11.0)
      selenium-webdriver (~> 3.14, >= 3.14.1)
    byebug (11.1.3)
    childprocess (3.0.0)
    coderay (1.1.3)
    concurrent-ruby (1.1.8)
    diff-lcs (1.4.4)
    eventmachine (1.2.7)
    faye-websocket (0.11.0)
      eventmachine (>= 0.12.0)
      websocket-driver (>= 0.5.1)
    i18n (1.8.7)
      concurrent-ruby (~> 1.0)
    method_source (1.0.0)
    minitest (5.14.3)
    nokogiri (1.11.1-x86_64-darwin)
      racc (~> 1.4)
    pry (0.13.1)
      coderay (~> 1.1)
      method_source (~> 1.0)
    pry-byebug (3.9.0)
      byebug (~> 11.0)
      pry (~> 0.13.0)
    racc (1.5.2)
    rake (13.0.3)
    rouge (1.11.1)
    rspec (3.10.0)
      rspec-core (~> 3.10.0)
      rspec-expectations (~> 3.10.0)
      rspec-mocks (~> 3.10.0)
    rspec-core (3.10.1)
      rspec-support (~> 3.10.0)
    rspec-expectations (3.10.1)
      diff-lcs (>= 1.2.0, < 2.0)
      rspec-support (~> 3.10.0)
    rspec-mocks (3.10.1)
      diff-lcs (>= 1.2.0, < 2.0)
      rspec-support (~> 3.10.0)
    rspec-support (3.10.1)
    rspec_html_reporter (1.0.3)
      activesupport
      rouge (~> 1.6)
      rspec
    rspec_junit_formatter (0.4.1)
      rspec-core (>= 2, < 4, != 2.12.0)
    rubyzip (2.3.0)
    selenium-webdriver (3.142.7)
      childprocess (>= 0.5, < 4.0)
      rubyzip (>= 1.2.2)
    tomlrb (1.3.0)
    tzinfo (2.0.4)
      concurrent-ruby (~> 1.0)
    websocket-driver (0.7.3)
      websocket-extensions (>= 0.1.0)
    websocket-extensions (0.1.5)
    zeitwerk (2.4.2)

PLATFORMS
  x86_64-darwin-19

DEPENDENCIES
  appium_lib
  pry-byebug
  rake
  rspec
  rspec_html_reporter
  rspec_junit_formatter

BUNDLED WITH
   2.2.6
